PATH
  remote: .
  specs:
    require_bench (1.0.3)

GEM
  remote: https://rubygems.org/
  specs:
    ast (2.4.2)
    byebug (11.1.3)
    colorize (0.8.1)
    diff-lcs (1.5.0)
    json (2.6.3)
    lucky_case (1.1.0)
    parallel (1.22.1)
    parser (3.2.0.0)
      ast (~> 2.4.1)
    rainbow (3.1.1)
    rake (13.0.6)
    regexp_parser (2.6.2)
    rexml (3.2.5)
    rspec (3.12.0)
      rspec-core (~> 3.12.0)
      rspec-expectations (~> 3.12.0)
      rspec-mocks (~> 3.12.0)
    rspec-block_is_expected (1.0.2)
      rspec-core
    rspec-core (3.12.0)
      rspec-support (~> 3.12.0)
    rspec-expectations (3.12.2)
      diff-lcs (>= 1.2.0, < 2.0)
      rspec-support (~> 3.12.0)
    rspec-mocks (3.12.3)
      diff-lcs (>= 1.2.0, < 2.0)
      rspec-support (~> 3.12.0)
    rspec-stubbed_env (1.0.0)
      rspec (>= 3.0)
    rspec-support (3.12.0)
    rubocop (1.44.1)
      json (~> 2.3)
      parallel (~> 1.10)
      parser (>= 3.2.0.0)
      rainbow (>= 2.2.2, < 4.0)
      regexp_parser (>= 1.8, < 3.0)
      rexml (>= 3.2.5, < 4.0)
      rubocop-ast (>= 1.24.1, < 2.0)
      ruby-progressbar (~> 1.7)
      unicode-display_width (>= 2.4.0, < 3.0)
    rubocop-ast (1.24.1)
      parser (>= 3.1.1.0)
    rubocop-packaging (0.5.2)
      rubocop (>= 1.33, < 2.0)
    ruby-progressbar (1.11.0)
    silent_stream (1.0.6)
    unicode-display_width (2.4.2)

PLATFORMS
  arm64-darwin-22

DEPENDENCIES
  bundler (~> 2.0)
  byebug (~> 11)
  colorize (~> 0.8)
  lucky_case (~> 1.1)
  rake (~> 13.0)
  require_bench!
  rspec (~> 3.9)
  rspec-block_is_expected (~> 1.0)
  rspec-stubbed_env (~> 1.0)
  rubocop-packaging
  silent_stream (~> 1.0)

BUNDLED WITH
   2.4.4
